GEM
  remote: https://rubygems.org/
  specs:
    csv (3.2.7)
    graphql (2.0.24)
    json (2.6.3)
    terminal-table (3.0.2)
      unicode-display_width (>= 1.1.1, < 3)
    unicode-display_width (2.4.2)

PLATFORMS
  arm64-darwin-22

DEPENDENCIES
  csv
  graphql
  json
  terminal-table

BUNDLED WITH
   2.4.10
